GEM
  remote: http://rubygems.org/
  specs:
    sass (3.4.5)
    compass (1.0.1)

PLATFORMS
  ruby

DEPENDENCIES
  sass
  compass